NUGET
  remote: https://www.nuget.org/api/v2
    FAKE (4.38)
    FsCheck (2.6)
      FSharp.Core (>= 3.1.2.5)
    FSharp.Compiler.Service (0.0.59)
    FSharp.Control.AsyncSeq (2.0.9)
    FSharp.Core (4.0.0.1) - redirects: force
    FSharp.Formatting (2.4.25)
      FSharp.Compiler.Service (>= 0.0.59)
      Microsoft.AspNet.Razor (2.0.30506)
      RazorEngine (3.3)
    FSharpx.Async (1.12)
      FSharp.Control.AsyncSeq
    FSharpx.Collections (1.10.1)
      FSharp.Core (>= 3.1.2.1)
    FsUnit (2.3.1)
      FSharp.Core (>= 3.1.2.5)
      NUnit (3.4.1)
    Microsoft.AspNet.Razor (2.0.30506)
    NUnit (3.4.1)
    NUnit.ConsoleRunner (3.4.1)
    NUnit.Extension.NUnitProjectLoader (3.4.1)
    NUnit.Extension.NUnitV2Driver (3.4.1)
    NUnit.Extension.NUnitV2ResultWriter (3.4.1)
    NUnit.Extension.TeamCityEventListener (1.0.1)
    NUnit.Extension.VSProjectLoader (3.4.1)
    NUnit.Runners (3.4.1)
      NUnit.ConsoleRunner (>= 3.4.1)
      NUnit.Extension.NUnitProjectLoader (>= 3.4.1)
      NUnit.Extension.NUnitV2Driver (>= 3.4.1)
      NUnit.Extension.NUnitV2ResultWriter (>= 3.4.1)
      NUnit.Extension.TeamCityEventListener (>= 1.0.1)
      NUnit.Extension.VSProjectLoader (>= 3.4.1)
    RazorEngine (3.3)
      Microsoft.AspNet.Razor (>= 2.0.30506)
